GIT
  remote: git://github.com/devton/catarse_mailchimp
  revision: a5be917969a1df6010fbbdea25a5c1407c6f8659
  specs:
    catarse_mailchimp (0.0.1)
      mailchimp
      supermodel

GIT
  remote: git://github.com/devton/catarse_moip.git
  revision: d71157a0365611048a36180846a3c0c84768b916
  ref: d71157a0365611048a36180846a3c0c84768b916
  specs:
    catarse_moip (0.1.1)
      libxml-ruby (~> 2.3.3)
      rails (~> 3.2.6)

GIT
  remote: git://github.com/devton/catarse_paypal_express.git
  revision: 020e5851f8c2b08c9e4c1f4aab3627414644876b
  ref: 020e5851f8c2b08c9e4c1f4aab3627414644876b
  specs:
    catarse_paypal_express (0.1.0)
      activemerchant (~> 1.17.0)
      rails (~> 3.2.6)

GIT
  remote: git://github.com/lvxn0va/catarse_stripe.git
  revision: 66b7b0b3e785d3b1c6fa4c0305d78cf99d10a412
  branch: master
  specs:
    catarse_stripe (0.1.0.0.1)
      activemerchant (>= 1.17.0)
      figaro
      oauth2
      omniauth-stripe-connect
      rails (~> 3.2.11)
      stripe
      stripe_event

GIT
  remote: git://github.com/moiplabs/moip-ruby.git
  revision: 2b61a77355cb8c5487ff68be0eef8873696a110e
  specs:
    moip (1.0.2)
      activesupport (>= 2.3.2)
      httparty (~> 0.6.1)
      nokogiri (~> 1.4.3)

GIT
  remote: git://github.com/ncri/validation_reflection.git
  revision: 60320e6beb088808fd625a8d958dbd0d2661d494
  specs:
    validation_reflection (1.0.0)

GIT
  remote: git://github.com/ryanb/cancan.git
  revision: f1cebde51a87be149b4970a3287826bb63c0ac0b
  ref: f1cebde51a87be149b4970a3287826bb63c0ac0b
  branch: 2.0
  specs:
    cancan (2.0.0.alpha)

GIT
  remote: https://github.com/stripe/stripe-ruby
  revision: a1ab276487c9fc678a5cd23b8f87bcd4e04f2b10
  specs:
    stripe (1.7.11)
      multi_json (>= 1.0.4, < 2)
      rest-client (~> 1.4)

GEM
  remote: http://rubygems.org/
  specs:
    RedCloth (4.2.9)
    actionmailer (3.2.12)
      actionpack (= 3.2.12)
      mail (~> 2.4.4)
    actionpack (3.2.12)
      activemodel (= 3.2.12)
      activesupport (= 3.2.12)
      builder (~> 3.0.0)
      erubis (~> 2.7.0)
      journey (~> 1.0.4)
      rack (~> 1.4.5)
      rack-cache (~> 1.2)
      rack-test (~> 0.6.1)
      sprockets (~> 2.2.1)
    activemerchant (1.17.0)
      activesupport (>= 2.3.11)
      braintree (>= 2.0.0)
      builder (>= 2.0.0)
      json (>= 1.5.1)
    activemodel (3.2.12)
      activesupport (= 3.2.12)
      builder (~> 3.0.0)
    activerecord (3.2.12)
      activemodel (= 3.2.12)
      activesupport (= 3.2.12)
      arel (~> 3.0.2)
      tzinfo (~> 0.3.29)
    activerecord-postgresql-adapter (0.0.1)
      pg
    activeresource (3.2.12)
      activemodel (= 3.2.12)
      activesupport (= 3.2.12)
    activesupport (3.2.12)
      i18n (~> 0.6)
      multi_json (~> 1.0)
    addressable (2.3.3)
    airbrake (3.1.8)
      activesupport
      builder
      json
    arel (3.0.2)
    auto_html (1.4.2)
      RedCloth
      redcarpet
      rinku
      tag_helper
    bcrypt-ruby (3.0.1)
    best_in_place (2.1.0)
      jquery-rails
      rails (~> 3.1)
    better_errors (0.7.0)
      coderay (>= 1.0.0)
      erubis (>= 2.6.6)
    binding_of_caller (0.7.1)
      debug_inspector (>= 0.0.1)
    braintree (2.22.0)
      builder (>= 2.0.0)
    builder (3.0.4)
    capybara (2.0.2)
      mime-types (>= 1.16)
      nokogiri (>= 1.3.3)
      rack (>= 1.0.0)
      rack-test (>= 0.5.4)
      selenium-webdriver (~> 2.0)
      xpath (~> 1.0.0)
    carrierwave (0.7.1)
      activemodel (>= 3.2.0)
      activesupport (>= 3.2.0)
    celluloid (0.12.4)
      facter (>= 1.6.12)
      timers (>= 1.0.0)
    childprocess (0.3.8)
      ffi (~> 1.0, >= 1.0.11)
    chunky_png (1.2.7)
    coderay (1.0.9)
    coffee-rails (3.2.2)
      coffee-script (>= 2.2.0)
      railties (~> 3.2.0)
    coffee-script (2.2.0)
      coffee-script-source
      execjs
    coffee-script-source (1.4.0)
    compass (0.12.2)
      chunky_png (~> 1.2)
      fssm (>= 0.2.7)
      sass (~> 3.1)
    compass-960-plugin (0.10.4)
      compass (>= 0.10.0)
    compass-rails (1.0.3)
      compass (>= 0.12.2, < 0.14)
    connection_pool (0.9.3)
    crack (0.1.8)
    curb (0.7.18)
    daemons (1.1.9)
    database_cleaner (0.9.1)
    debug_inspector (0.0.2)
    devise (2.2.3)
      bcrypt-ruby (~> 3.0)
      orm_adapter (~> 0.1)
      railties (~> 3.1)
      warden (~> 1.2.1)
    diff-lcs (1.1.3)
    draper (1.1.0)
      actionpack (>= 3.0)
      activesupport (>= 3.0)
      request_store (~> 1.0.3)
    enumerate_it (1.0.2)
      activesupport (>= 3.0.0)
    erubis (2.7.0)
    eventmachine (1.0.0)
    excon (0.6.6)
    execjs (1.4.0)
      multi_json (~> 1.0)
    facter (1.6.17)
    factory_girl (4.2.0)
      activesupport (>= 3.0.0)
    factory_girl_rails (4.2.1)
      factory_girl (~> 4.2.0)
      railties (>= 3.0.0)
    faraday (0.8.5)
      multipart-post (~> 1.1)
    feedzirra (0.0.31)
      activesupport (>= 3.0.8)
      builder (~> 3.0.0)
      curb (~> 0.7.15)
      i18n (>= 0.5.0)
      loofah (~> 1.0.0)
      nokogiri (~> 1.4.4)
      rake (>= 0.9.2)
      rdoc (~> 3.8)
      sax-machine (~> 0.0.20)
    ffi (1.4.0)
    figaro (0.5.4)
      rails (~> 3.0)
    fog (0.9.0)
      builder
      excon (~> 0.6.1)
      formatador (>= 0.1.3)
      json
      mime-types
      net-scp (>= 1.0.4)
      net-ssh (>= 2.1.4)
      nokogiri (>= 1.4.4)
      ruby-hmac
    foreman (0.61.0)
      thor (>= 0.13.6)
    formatador (0.2.4)
    formtastic (2.1.1)
      actionpack (~> 3.0)
    fssm (0.2.10)
    haml (3.1.8)
    has_scope (0.5.1)
    has_vimeo_video (0.0.5)
      supermodel
      vimeo
    hashie (1.2.0)
    hike (1.2.1)
    http_accept_language (1.0.2)
    httparty (0.6.1)
      crack (= 0.1.8)
    httpauth (0.2.0)
    httpclient (2.2.5)
    i18n (0.6.1)
    inherited_resources (1.3.1)
      has_scope (~> 0.5.0)
      responders (~> 0.6)
    initjs (0.1.2)
      rails (~> 3.1)
    journey (1.0.4)
    jquery-rails (2.2.1)
      railties (>= 3.0, < 5.0)
      thor (>= 0.14, < 2.0)
    json (1.7.7)
    jwt (0.1.5)
      multi_json (>= 1.0)
    kaminari (0.14.1)
      actionpack (>= 3.0.0)
      activesupport (>= 3.0.0)
    launchy (2.2.0)
      addressable (~> 2.3)
    libxml-ruby (2.3.3)
    loofah (1.0.0)
      nokogiri (>= 1.3.3)
    mail (2.4.4)
      i18n (>= 0.4.0)
      mime-types (~> 1.16)
      treetop (~> 1.4.8)
    mailcatcher (0.5.10)
      activesupport (~> 3.0)
      eventmachine (~> 1.0.0)
      haml (~> 3.1)
      mail (~> 2.3)
      sinatra (~> 1.2)
      skinny (~> 0.2.3)
      sqlite3 (~> 1.3)
      thin (~> 1.5.0)
    mailchimp (0.0.8)
      httparty
    metaclass (0.0.1)
    mime-types (1.21)
    mocha (0.10.4)
      metaclass (~> 0.0.1)
    multi_json (1.6.1)
    multipart-post (1.1.5)
    net-scp (1.1.0)
      net-ssh (>= 2.6.5)
    net-ssh (2.6.5)
    nokogiri (1.4.7)
    oauth (0.4.7)
    oauth2 (0.8.1)
      faraday (~> 0.8)
      httpauth (~> 0.1)
      jwt (~> 0.1.4)
      multi_json (~> 1.0)
      rack (~> 1.2)
    omniauth (1.1.3)
      hashie (~> 1.2)
      rack
    omniauth-facebook (1.4.1)
      omniauth-oauth2 (~> 1.1.0)
    omniauth-github (1.1.0)
      omniauth (~> 1.0)
      omniauth-oauth2 (~> 1.1)
    omniauth-google-oauth2 (0.1.13)
      omniauth (~> 1.0)
      omniauth-oauth2
    omniauth-linkedin (0.1.0)
      omniauth-oauth (~> 1.0)
    omniauth-oauth (1.0.1)
      oauth
      omniauth (~> 1.0)
    omniauth-oauth2 (1.1.1)
      oauth2 (~> 0.8.0)
      omniauth (~> 1.0)
    omniauth-openid (1.0.1)
      omniauth (~> 1.0)
      rack-openid (~> 1.3.1)
    omniauth-stripe-connect (2.2.0)
      omniauth (~> 1.0)
      omniauth-oauth2 (>= 1.0.3)
    omniauth-twitter (0.0.14)
      multi_json (~> 1.3)
      omniauth-oauth (~> 1.0)
    omniauth-yahoo (0.0.4)
      omniauth-oauth (~> 1.0)
    orm_adapter (0.4.0)
    pg (0.14.1)
    pg_search (0.5.7)
      activerecord (>= 3)
      activesupport (>= 3)
    polyglot (0.3.3)
    postgres-copy (0.5.7)
      activerecord (>= 3.0.0)
      pg
      rails (>= 3.0.0)
      responders
    rack (1.4.5)
    rack-cache (1.2)
      rack (>= 0.4)
    rack-openid (1.3.1)
      rack (>= 1.1.0)
      ruby-openid (>= 2.1.8)
    rack-protection (1.3.2)
      rack
    rack-ssl (1.3.3)
      rack
    rack-test (0.6.2)
      rack (>= 1.0)
    rack-timeout (0.0.3)
    rails (3.2.12)
      actionmailer (= 3.2.12)
      actionpack (= 3.2.12)
      activerecord (= 3.2.12)
      activeresource (= 3.2.12)
      activesupport (= 3.2.12)
      bundler (~> 1.0)
      railties (= 3.2.12)
    rails_autolink (1.0.9)
      rails (~> 3.1)
    railties (3.2.12)
      actionpack (= 3.2.12)
      activesupport (= 3.2.12)
      rack-ssl (~> 1.3.2)
      rake (>= 0.8.7)
      rdoc (~> 3.4)
      thor (>= 0.14.6, < 2.0)
    rake (10.0.3)
    rdoc (3.12.1)
      json (~> 1.4)
    redcarpet (2.2.2)
    redis (3.0.2)
    redis-namespace (1.2.1)
      redis (~> 3.0.0)
    request_store (1.0.5)
    responders (0.9.3)
      railties (~> 3.1)
    rest-client (1.6.7)
      mime-types (>= 1.16)
    rinku (1.7.2)
    rmagick (2.13.2)
    routing-filter (0.3.1)
      actionpack
    rspec-core (2.12.2)
    rspec-expectations (2.12.1)
      diff-lcs (~> 1.1.3)
    rspec-mocks (2.12.2)
    rspec-rails (2.12.2)
      actionpack (>= 3.0)
      activesupport (>= 3.0)
      railties (>= 3.0)
      rspec-core (~> 2.12.0)
      rspec-expectations (~> 2.12.0)
      rspec-mocks (~> 2.12.0)
    ruby-hmac (0.4.0)
    ruby-openid (2.2.3)
    rubyzip (0.9.9)
    sass (3.2.6)
    sass-rails (3.2.6)
      railties (~> 3.2.0)
      sass (>= 3.1.10)
      tilt (~> 1.3)
    sax-machine (0.0.20)
      nokogiri (> 0.0.0)
    schema_associations (1.0.1)
      schema_plus
    schema_plus (1.0.1)
      rails (>= 3.2)
      valuable
    selenium-webdriver (2.30.0)
      childprocess (>= 0.2.5)
      multi_json (~> 1.0)
      rubyzip
      websocket (~> 1.0.4)
    shoulda (3.3.2)
      shoulda-context (~> 1.0.1)
      shoulda-matchers (~> 1.4.1)
    shoulda-context (1.0.2)
    shoulda-matchers (1.4.1)
      activesupport (>= 3.0.0)
    sidekiq (2.4.0)
      celluloid (~> 0.12.0)
      connection_pool (~> 0.9.2)
      multi_json (~> 1)
      redis (~> 3)
      redis-namespace
    sinatra (1.3.4)
      rack (~> 1.4)
      rack-protection (~> 1.3)
      tilt (~> 1.3, >= 1.3.3)
    skinny (0.2.3)
      eventmachine (~> 1.0.0)
      thin (~> 1.5.0)
    slim (1.3.6)
      temple (~> 0.5.5)
      tilt (~> 1.3.3)
    slim-rails (1.1.0)
      actionpack (>= 3.0, < 4.1)
      activesupport (>= 3.0, < 4.1)
      railties (>= 3.0, < 4.1)
      slim (~> 1.3)
    spectator-validates_email (0.1.1)
      actionpack (>= 3.0.0)
      activemodel (>= 3.0.0)
    sprockets (2.2.2)
      hike (~> 1.2)
      multi_json (~> 1.0)
      rack (~> 1.0)
      tilt (~> 1.1, != 1.3.0)
    sqlite3 (1.3.7)
    state_machine (1.1.2)
    stripe_event (0.5.0)
      rails (~> 3.1)
      stripe (~> 1.6)
    supermodel (0.1.4)
      activemodel (>= 3.0.0.beta)
    tag_helper (0.0.3)
    temple (0.5.5)
    thin (1.5.0)
      daemons (>= 1.0.9)
      eventmachine (>= 0.12.6)
      rack (>= 1.0.0)
    thor (0.17.0)
    tilt (1.3.3)
    timers (1.1.0)
    treetop (1.4.12)
      polyglot
      polyglot (>= 0.3.1)
    tzinfo (0.3.35)
    uglifier (1.3.0)
      execjs (>= 0.3.0)
      multi_json (~> 1.0, >= 1.0.2)
    valuable (0.9.8)
    vimeo (1.5.3)
      httparty (>= 0.4.5)
      httpclient (>= 2.1.5.2)
      json (>= 1.1.9)
      multipart-post (>= 1.0.1)
      oauth (>= 0.4.3)
    warden (1.2.1)
      rack (>= 1.0)
    websocket (1.0.7)
    weekdays (1.0.2)
    xpath (1.0.0)
      nokogiri (~> 1.3)

PLATFORMS
  ruby

DEPENDENCIES
  RedCloth
  activemerchant (= 1.17.0)
  activerecord-postgresql-adapter
  airbrake
  auto_html (= 1.4.2)
  best_in_place
  better_errors
  binding_of_caller
  cancan!
  capybara (>= 1.0.1)
  carrierwave (~> 0.7.0)
  catarse_mailchimp!
  catarse_moip!
  catarse_paypal_express!
  catarse_stripe!
  coffee-rails (~> 3.2.2)
  compass-960-plugin (~> 0.10.4)
  compass-rails (~> 1.0.2)
  database_cleaner
  devise
  draper
  enumerate_it
  factory_girl_rails
  feedzirra
  figaro
  fog
  foreman
  formtastic (~> 2.1.1)
  has_scope
  has_vimeo_video (~> 0.0.5)
  http_accept_language
  httparty (~> 0.6.1)
  httpclient (= 2.2.5)
  inherited_resources (= 1.3.1)
  initjs
  jquery-rails
  json
  kaminari
  launchy
  mailcatcher
  mocha (= 0.10.4)
  moip!
  oauth2
  omniauth
  omniauth-facebook
  omniauth-github
  omniauth-google-oauth2
  omniauth-linkedin
  omniauth-oauth2
  omniauth-openid
  omniauth-stripe-connect
  omniauth-twitter
  omniauth-yahoo
  pg
  pg_search
  postgres-copy
  rack-timeout
  rails (= 3.2.12)
  rails_autolink (~> 1.0.7)
  rmagick
  routing-filter
  rspec-rails (~> 2.12)
  sass-rails (~> 3.2.5)
  schema_associations
  schema_plus
  shoulda
  sidekiq (= 2.4.0)
  sinatra
  slim
  slim-rails
  spectator-validates_email
  state_machine
  stripe!
  thin
  uglifier (>= 1.0.3)
  validation_reflection!
  weekdays
